PATH
  remote: extras/mutoh-locale_rails-13a096f
  specs:
    locale_rails (2.0.5)

GEM
  remote: http://rubygems.org/
  remote: http://gems.github.com/
  remote: http://gemcutter.org/
  specs:
    Ascii85 (1.0.1)
    RbYAML (0.2.0)
    RedCloth (4.2.9)
    Selenium (1.1.14)
    SyslogLogger (1.4.0)
      hoe (>= 1.2.0)
    ZenTest (4.5.0)
    abstract (1.0.0)
    actionmailer (2.3.9)
      actionpack (= 2.3.9)
    actionpack (2.3.9)
      activesupport (= 2.3.9)
      rack (~> 1.1.0)
    activerecord (2.3.9)
      activesupport (= 2.3.9)
    activeresource (2.3.9)
      activesupport (= 2.3.9)
    activesupport (2.3.9)
    annotate-models (1.0.4)
    autotest (4.4.6)
      ZenTest (>= 4.4.1)
    autotest-rails (4.1.1)
      ZenTest (= 4.5)
    builder (3.0.0)
    calendar_date_select (1.16.3)
    camping (2.1.467)
      rack (>= 1.0)
    cgi_multipart_eof_fix (2.5.0)
    columnize (0.3.5)
    commonwatir (1.6.2)
      user-choices
    composite_primary_keys (2.3.5.1)
      activerecord (>= 2.3.5)
    cronedit (0.3.0)
    daemon_controller (0.2.6)
    daemons (1.1.4)
    erubis (2.6.6)
      abstract (>= 1.0.0)
    eventmachine (0.12.8)
    factory_girl (2.3.2)
      activesupport
    faker (0.3.1)
    fastthread (1.0.7)
    gem_plugin (0.2.3)
    gettext (2.1.0)
      locale (>= 2.0.5)
    gettext_activerecord (2.1.0)
      activerecord (>= 2.3.2)
      gettext (>= 2.1.0)
    gettext_rails (2.1.0)
      gettext_activerecord (>= 2.1.0)
      locale_rails (>= 2.0.5)
      rails (>= 2.3.2)
    haml (2.2.2)
    hirb (0.6.0)
    hoe (2.3.2)
      rake (>= 0.8.7)
      rubyforge (>= 1.0.3)
    hpricot (0.8.1)
    httpclient (2.1.5.2)
    i18n (0.4.2)
    json (1.4.6)
    json_pure (1.4.2)
    laserlemon-vestal_versions (0.8.0)
    linecache (0.43)
    locale (2.0.5)
    mechanize (2.0.1)
      net-http-digest_auth (~> 1.1, >= 1.1.1)
      net-http-persistent (~> 1.8)
      nokogiri (~> 1.4)
      webrobots (~> 0.0, >= 0.0.9)
    memcache-client (1.8.5)
    mime-types (1.16)
    mislav-will_paginate (2.3.11)
    mongrel (1.1.5)
      cgi_multipart_eof_fix (>= 2.4)
      daemons (>= 1.0.3)
      fastthread (>= 1.0.1)
      gem_plugin (>= 0.2.3)
    mysql (2.8.1)
    net-http-digest_auth (1.2)
    net-http-persistent (1.9)
    net-ssh (2.2.1)
    newrelic_rpm (3.3.0)
    nokogiri (1.5.0)
    passenger (3.0.7)
      daemon_controller (>= 0.2.5)
      fastthread (>= 1.0.1)
      rack
      rake (>= 0.8.1)
    pdf-reader (0.10.1)
      Ascii85 (~> 1.0.0)
    polyglot (0.3.3)
    prawn (0.12.0)
      pdf-reader (>= 0.9.0)
      ttfunk (~> 1.0.2)
    rack (1.1.2)
    rails (2.3.9)
      actionmailer (= 2.3.9)
      actionpack (= 2.3.9)
      activerecord (= 2.3.9)
      activeresource (= 2.3.9)
      activesupport (= 2.3.9)
      rake (>= 0.8.3)
    rak (1.3)
    rake (0.8.7)
    rcov (0.9.11)
    redis (2.1.1)
    rest-client (1.6.1)
      mime-types (>= 1.16)
    rspec (1.3.1)
    rspec-rails (1.3.3)
      rack (>= 1.0.0)
      rspec (= 1.3.1)
    ruby-debug (0.10.4)
      columnize (>= 0.1)
      ruby-debug-base (~> 0.10.4.0)
    ruby-debug-base (0.10.4)
      linecache (>= 0.3)
    ruby-graphviz (0.9.20)
    ruby-ole (1.2.11.2)
    ruby-openid (2.1.8)
    rubyforge (2.0.4)
      json_pure (>= 1.1.7)
    s4t-utils (1.0.4)
      hoe (>= 1.3.0)
    searchlogic (2.4.28)
      activerecord (>= 2.0.0)
    spreadsheet (0.6.5.9)
      ruby-ole (>= 1.0)
    starling (0.10.1)
      eventmachine (>= 0.12.0)
      memcache-client (>= 1.7.0)
    test-spec (0.10.0)
    treetop (1.4.10)
      polyglot
      polyglot (>= 0.3.1)
    ttfunk (1.0.3)
    user-choices (1.1.6.1)
      builder (>= 2.1.2)
      s4t-utils (>= 1.0.3)
      xml-simple (>= 1.0.11)
    webrobots (0.0.12)
      nokogiri (>= 1.4.4)
    xml-simple (1.1.1)

PLATFORMS
  ruby

DEPENDENCIES
  RbYAML
  RedCloth
  Selenium
  SyslogLogger
  annotate-models
  autotest
  autotest-rails
  calendar_date_select
  camping
  commonwatir (= 1.6.2)
  composite_primary_keys
  cronedit
  daemons
  erubis (= 2.6.6)
  eventmachine (= 0.12.8)
  factory_girl
  faker (= 0.3.1)
  gettext
  gettext_activerecord
  gettext_rails
  haml (= 2.2.2)
  hirb
  hoe (= 2.3.2)
  hpricot (= 0.8.1)
  httpclient (= 2.1.5.2)
  i18n (= 0.4.2)
  json (= 1.4.6)
  json_pure (= 1.4.2)
  laserlemon-vestal_versions
  linecache (= 0.43)
  locale
  locale_rails (= 2.0.5)!
  mechanize
  memcache-client
  mime-types (= 1.16)
  mislav-will_paginate
  mongrel
  mysql
  net-ssh
  newrelic_rpm
  nokogiri
  passenger (= 3.0.7)
  polyglot
  prawn
  rails (= 2.3.9)
  rak
  rake
  rcov
  redis (= 2.1.1)
  rest-client (= 1.6.1)
  rspec (= 1.3.1)
  rspec-rails (= 1.3.3)
  ruby-debug
  ruby-graphviz (= 0.9.20)
  ruby-ole
  ruby-openid
  rubyforge
  s4t-utils
  searchlogic
  spreadsheet
  starling
  test-spec
  treetop
  user-choices
